GEM
  remote: https://rubygems.org/
  specs:
    actionmailer (4.1.13)
      actionpack (= 4.1.13)
      actionview (= 4.1.13)
      mail (~> 2.5, >= 2.5.4)
    actionpack (4.1.13)
      actionview (= 4.1.13)
      activesupport (= 4.1.13)
      rack (~> 1.5.2)
      rack-test (~> 0.6.2)
    actionview (4.1.13)
      activesupport (= 4.1.13)
      builder (~> 3.1)
      erubis (~> 2.7.0)
    activemodel (4.1.13)
      activesupport (= 4.1.13)
      builder (~> 3.1)
    activerecord (4.1.13)
      activemodel (= 4.1.13)
      activesupport (= 4.1.13)
      arel (~> 5.0.0)
    activesupport (4.1.13)
      i18n (~> 0.6, >= 0.6.9)
      json (~> 1.7, >= 1.7.7)
      minitest (~> 5.1)
      thread_safe (~> 0.1)
      tzinfo (~> 1.1)
    addressable (2.3.8)
    airbrake (4.3.3)
      builder
      multi_json
    arel (5.0.1.20140414130214)
    awesome_print (1.6.1)
    bcrypt (3.1.10)
    bourbon (3.2.4)
      sass (~> 3.2)
      thor
    builder (3.2.2)
    capybara (2.5.0)
      mime-types (>= 1.16)
      nokogiri (>= 1.3.3)
      rack (>= 1.0.0)
      rack-test (>= 0.5.4)
      xpath (~> 2.0)
    capybara-webkit (1.7.1)
      capybara (>= 2.3.0, < 2.6.0)
      json
    climate_control (0.0.3)
      activesupport (>= 3.0)
    cocaine (0.5.7)
      climate_control (>= 0.0.3, < 1.0)
    coderay (1.1.0)
    coffee-rails (4.1.0)
      coffee-script (>= 2.2.0)
      railties (>= 4.0.0, < 5.0)
    coffee-script (2.4.1)
      coffee-script-source
      execjs
    coffee-script-source (1.9.1.1)
    crack (0.4.2)
      safe_yaml (~> 1.0.0)
    database_cleaner (1.5.1)
    delayed_job (4.1.1)
      activesupport (>= 3.0, < 5.0)
    delayed_job_active_record (4.1.0)
      activerecord (>= 3.0, < 5)
      delayed_job (>= 3.0, < 5)
    devise (3.5.2)
      bcrypt (~> 3.0)
      orm_adapter (~> 0.1)
      railties (>= 3.2.6, < 5)
      responders
      thread_safe (~> 0.1)
      warden (~> 1.2.3)
    diff-lcs (1.2.5)
    docile (1.1.5)
    dotenv (2.0.2)
    dotenv-rails (2.0.2)
      dotenv (= 2.0.2)
      railties (~> 4.0)
    dropbox-sdk (1.6.5)
      json
    email_validator (1.6.0)
      activemodel
    erubis (2.7.0)
    execjs (2.6.0)
    factory_girl (4.5.0)
      activesupport (>= 3.0.0)
    factory_girl_rails (4.5.0)
      factory_girl (~> 4.5.0)
      railties (>= 3.0.0)
    flutie (2.0.0)
    foreman (0.78.0)
      thor (~> 0.19.1)
    friendly_id (5.1.0)
      activerecord (>= 4.0.0)
    github-markdown (0.6.9)
    gravatarify (3.0.0)
    haml (4.0.7)
      tilt
    hashdiff (0.2.2)
    hike (1.2.3)
    html-pipeline (2.2.1)
      activesupport (>= 2, < 5)
      nokogiri (>= 1.4)
    i18n (0.7.0)
    jquery-rails (3.1.4)
      railties (>= 3.0, < 5.0)
      thor (>= 0.14, < 2.0)
    json (1.8.3)
    kgio (2.10.0)
    launchy (2.4.3)
      addressable (~> 2.3)
    mail (2.6.3)
      mime-types (>= 1.16, < 3)
    method_source (0.8.2)
    mime-types (2.6.2)
    mimemagic (0.3.0)
    mini_portile (0.6.2)
    minitest (5.8.1)
    multi_json (1.11.2)
    neat (1.5.1)
      bourbon (>= 3.1)
      sass (~> 3.2.19)
    newrelic_rpm (3.14.0.305)
    nokogiri (1.6.6.2)
      mini_portile (~> 0.6.0)
    orm_adapter (0.5.0)
    paperclip (4.3.1)
      activemodel (>= 3.2.0)
      activesupport (>= 3.2.0)
      cocaine (~> 0.5.5)
      mime-types
      mimemagic (= 0.3.0)
    paperclip-dropbox (1.3.2)
      dropbox-sdk (~> 1.3)
      paperclip (>= 3.1, < 5)
    pg (0.18.3)
    pry (0.10.3)
      coderay (~> 1.1.0)
      method_source (~> 0.8.1)
      slop (~> 3.4)
    pry-rails (0.3.4)
      pry (>= 0.9.10)
    rack (1.5.5)
    rack-test (0.6.3)
      rack (>= 1.0)
    rack-timeout (0.3.2)
    rails (4.1.13)
      actionmailer (= 4.1.13)
      actionpack (= 4.1.13)
      actionview (= 4.1.13)
      activemodel (= 4.1.13)
      activerecord (= 4.1.13)
      activesupport (= 4.1.13)
      bundler (>= 1.3.0, < 2.0)
      railties (= 4.1.13)
      sprockets-rails (~> 2.0)
    rails_12factor (0.0.3)
      rails_serve_static_assets
      rails_stdout_logging
    rails_serve_static_assets (0.0.4)
    rails_stdout_logging (0.0.4)
    railties (4.1.13)
      actionpack (= 4.1.13)
      activesupport (= 4.1.13)
      rake (>= 0.8.7)
      thor (>= 0.18.1, < 2.0)
    raindrops (0.15.0)
    rake (10.4.2)
    recipient_interceptor (0.1.2)
      mail
    responders (1.1.2)
      railties (>= 3.2, < 4.2)
    rspec-core (3.3.2)
      rspec-support (~> 3.3.0)
    rspec-expectations (3.3.1)
      diff-lcs (>= 1.2.0, < 2.0)
      rspec-support (~> 3.3.0)
    rspec-mocks (3.3.2)
      diff-lcs (>= 1.2.0, < 2.0)
      rspec-support (~> 3.3.0)
    rspec-rails (3.3.3)
      actionpack (>= 3.0, < 4.3)
      activesupport (>= 3.0, < 4.3)
      railties (>= 3.0, < 4.3)
      rspec-core (~> 3.3.0)
      rspec-expectations (~> 3.3.0)
      rspec-mocks (~> 3.3.0)
      rspec-support (~> 3.3.0)
    rspec-support (3.3.0)
    safe_yaml (1.0.4)
    sass (3.2.19)
    sass-rails (4.0.5)
      railties (>= 4.0.0, < 5.0)
      sass (~> 3.2.2)
      sprockets (~> 2.8, < 3.0)
      sprockets-rails (~> 2.0)
    shoulda-matchers (3.0.0)
      activesupport (>= 4.0.0)
    simple_form (3.2.0)
      actionpack (~> 4.0)
      activemodel (~> 4.0)
    simplecov (0.10.0)
      docile (~> 1.1.0)
      json (~> 1.8)
      simplecov-html (~> 0.10.0)
    simplecov-html (0.10.0)
    slop (3.6.0)
    spring (1.4.0)
    spring-commands-rspec (1.0.4)
      spring (>= 0.9.1)
    sprockets (2.12.4)
      hike (~> 1.2)
      multi_json (~> 1.0)
      rack (~> 1.0)
      tilt (~> 1.1, != 1.3.0)
    sprockets-rails (2.3.3)
      actionpack (>= 3.0)
      activesupport (>= 3.0)
      sprockets (>= 2.8, < 4.0)
    thor (0.19.1)
    thread_safe (0.3.5)
    tilt (1.4.1)
    timecop (0.8.0)
    title (0.0.5)
      i18n
      rails (>= 3.1)
    tzinfo (1.2.2)
      thread_safe (~> 0.1)
    uglifier (2.7.2)
      execjs (>= 0.3.0)
      json (>= 1.8.0)
    unicorn (4.9.0)
      kgio (~> 2.6)
      rack
      raindrops (~> 0.7)
    warden (1.2.3)
      rack (>= 1.0)
    webmock (1.22.1)
      addressable (>= 2.3.6)
      crack (>= 0.3.2)
      hashdiff
    xpath (2.0.0)
      nokogiri (~> 1.3)

PLATFORMS
  ruby

DEPENDENCIES
  airbrake
  awesome_print
  bourbon (~> 3.2.1)
  capybara-webkit (>= 1.0.0)
  coffee-rails
  database_cleaner
  delayed_job_active_record
  devise
  dotenv-rails
  email_validator
  factory_girl_rails
  flutie
  foreman
  friendly_id
  github-markdown
  gravatarify (~> 3.0.0)
  haml
  html-pipeline
  jquery-rails
  launchy
  neat (~> 1.5.1)
  newrelic_rpm (>= 3.7.3)
  paperclip (~> 4.2)
  paperclip-dropbox (>= 1.1.7)
  pg
  pry-rails
  rack-timeout
  rails (~> 4.1.0)
  rails_12factor
  recipient_interceptor
  rspec-rails (>= 2.14)
  sass-rails (~> 4.0.3)
  shoulda-matchers
  simple_form
  simplecov
  spring
  spring-commands-rspec
  timecop
  title
  uglifier
  unicorn
  webmock

BUNDLED WITH
   1.10.5
